GEM
  remote: http://rubygems.org/
  specs:
    active_support (3.0.0)
      activesupport (= 3.0.0)
    activesupport (3.0.0)
    addressable (2.2.6)
    backports (2.3.0)
    bson (1.4.0)
    bson_ext (1.4.0)
    childprocess (0.2.2)
      ffi (~> 1.0.6)
    diff-lcs (1.1.3)
    em-dir-watcher (0.9.4)
    em-websocket (0.3.1)
      addressable (>= 2.1.1)
      eventmachine (>= 0.12.9)
    eventmachine (0.12.10)
    ffi (1.0.9)
    ffi (1.0.9-x86-mingw32)
    haml (3.1.3)
    jasmine (1.1.0)
      jasmine-core (>= 1.1.0)
      rack (>= 1.1)
      rspec (>= 1.3.1)
      selenium-webdriver (>= 0.1.3)
    jasmine-core (1.1.0)
    json (1.6.1)
    json_pure (1.6.1)
    livereload (1.6)
      em-dir-watcher (>= 0.1)
      em-websocket (>= 0.1.2)
      ruby-json (>= 1.1.2)
    mongo (1.4.0)
      bson (= 1.4.0)
    monkey-lib (0.5.4)
      backports
    nokogiri (1.5.0)
    nokogiri (1.5.0-x86-mingw32)
    rack (1.3.4)
    rack-protection (1.1.2)
      rack
    rack-test (0.6.1)
      rack (>= 1.0)
    rspec (2.6.0)
      rspec-core (~> 2.6.0)
      rspec-expectations (~> 2.6.0)
      rspec-mocks (~> 2.6.0)
    rspec-core (2.6.4)
    rspec-expectations (2.6.0)
      diff-lcs (~> 1.1.2)
    rspec-mocks (2.6.0)
    ruby-json (1.1.2)
    rubyzip (0.9.4)
    selenium-webdriver (2.7.0)
      childprocess (>= 0.2.1)
      ffi (>= 1.0.7)
      json_pure
      rubyzip
    sinatra (1.3.0)
      rack (~> 1.3)
      rack-protection (~> 1.1)
      tilt (~> 1.3)
    sinatra-advanced-routes (0.5.1)
      monkey-lib (~> 0.5.0)
      sinatra (~> 1.0)
      sinatra-sugar (~> 0.5.0)
    sinatra-reloader (0.5.0)
      sinatra (~> 1.0)
      sinatra-advanced-routes (~> 0.5.0)
    sinatra-sugar (0.5.1)
      monkey-lib (~> 0.5.0)
      sinatra (~> 1.0)
    tilt (1.3.3)
    watchr (0.7)

PLATFORMS
  ruby
  x86-mingw32

DEPENDENCIES
  active_support (>= 3.0)
  bson_ext (>= 1.4.0)
  haml (>= 3.1)
  jasmine
  json (>= 1.4)
  livereload
  mongo (>= 1.4.0)
  nokogiri
  rack (~> 1.2)
  rack-test
  rspec (>= 2.5.0)
  sinatra (>= 1.2.6)
  sinatra-reloader (>= 0.5.0)
  watchr
