GEM
  remote: http://rubygems.org/
  specs:
    active_support (3.0.0)
      activesupport (= 3.0.0)
    activesupport (3.0.0)
    backports (2.3.0)
    bson (1.4.0)
    bson_ext (1.4.0)
    diff-lcs (1.1.3)
    haml (3.1.3)
    json (1.6.1)
    mongo (1.4.0)
      bson (= 1.4.0)
    monkey-lib (0.5.4)
      backports
    nokogiri (1.5.0)
    rack (1.3.3)
    rack-test (0.6.1)
      rack (>= 1.0)
    rspec (2.4.0)
      rspec-core (~> 2.4.0)
      rspec-expectations (~> 2.4.0)
      rspec-mocks (~> 2.4.0)
    rspec-core (2.4.0)
    rspec-expectations (2.4.0)
      diff-lcs (~> 1.1.2)
    rspec-mocks (2.4.0)
    sinatra (1.2.6)
      rack (~> 1.1)
      tilt (< 2.0, >= 1.2.2)
    sinatra-advanced-routes (0.5.1)
      monkey-lib (~> 0.5.0)
      sinatra (~> 1.0)
      sinatra-sugar (~> 0.5.0)
    sinatra-reloader (0.5.0)
      sinatra (~> 1.0)
      sinatra-advanced-routes (~> 0.5.0)
    sinatra-sugar (0.5.1)
      monkey-lib (~> 0.5.0)
      sinatra (~> 1.0)
    tilt (1.3.3)
    watchr (0.7)

PLATFORMS
  ruby

DEPENDENCIES
  active_support (>= 3.0)
  bson_ext (>= 1.4.0)
  haml (>= 3.1)
  json (>= 1.4)
  mongo (>= 1.4.0)
  nokogiri
  rack (~> 1.2)
  rack-test
  rspec (= 2.4.0)
  sinatra (>= 1.2.6)
  sinatra-reloader (>= 0.5.0)
  watchr
